PATH
  remote: .
  specs:
    cf-generated-specification (1.0.0)

GEM
  remote: https://rubygems.org/
  specs:
    ast (2.4.2)
    minitest (5.15.0)
    parallel (1.21.0)
    parser (3.1.0.0)
      ast (~> 2.4.1)
    rack (2.2.3)
    rainbow (3.1.1)
    rake (13.0.6)
    regexp_parser (2.2.0)
    rexml (3.2.5)
    robocop (0.1.1)
      rack
    rubocop (1.25.1)
      parallel (~> 1.10)
      parser (>= 3.1.0.0)
      rainbow (>= 2.2.2, < 4.0)
      regexp_parser (>= 1.8, < 3.0)
      rexml
      rubocop-ast (>= 1.15.1, < 2.0)
      ruby-progressbar (~> 1.7)
      unicode-display_width (>= 1.4.0, < 3.0)
    rubocop-ast (1.15.1)
      parser (>= 3.0.1.1)
    rubocop-minitest (0.17.1)
      rubocop (>= 0.90, < 2.0)
    rubocop-rake (0.6.0)
      rubocop (~> 1.0)
    ruby-progressbar (1.11.0)
    unicode-display_width (2.1.0)
    yard (0.8.7.6)

PLATFORMS
  x86_64-linux

DEPENDENCIES
  bundler
  cf-generated-specification!
  minitest (~> 5.0)
  rake (~> 13.0)
  robocop
  rubocop (~> 1.25)
  rubocop-minitest (~> 0.17.1)
  rubocop-rake (~> 0.6.0)
  yard (~> 0.8.7.6)

BUNDLED WITH
   2.3.6
